GEM
  specs:
    addressable (2.4.0)
    appbundler (0.10.0)
      mixlib-cli (~> 1.4)
    ast (2.3.0)
    binding_of_caller (0.7.2)
      debug_inspector (>= 0.0.1)
    builder (3.2.2)
    byebug (9.0.6)
    chef (12.17.44)
      addressable
      bundler (>= 1.10)
      chef-config (= 12.17.44)
      chef-zero (>= 4.8)
      diff-lcs (~> 1.2, >= 1.2.4)
      erubis (~> 2.7)
      ffi-yajl (~> 2.2)
      highline (~> 1.6, >= 1.6.9)
      iniparse (~> 1.4)
      mixlib-archive (>= 0.2.0)
      mixlib-authentication (~> 1.4)
      mixlib-cli (~> 1.7)
      mixlib-log (~> 1.3)
      mixlib-shellout (~> 2.0)
      net-sftp (~> 2.1, >= 2.1.2)
      net-ssh (>= 2.9, < 4.0)
      net-ssh-multi (~> 1.1)
      ohai (>= 8.6.0.alpha.1, < 9)
      plist (~> 3.2)
      proxifier (~> 1.0)
      rspec-core (~> 3.5)
      rspec-expectations (~> 3.5)
      rspec-mocks (~> 3.5)
      rspec_junit_formatter (~> 0.2.0)
      serverspec (~> 2.7)
      specinfra (~> 2.10)
      syslog-logger (~> 1.6)
      uuidtools (~> 2.1.5)
    chef-config (12.17.44)
      addressable
      fuzzyurl
      mixlib-config (~> 2.0)
      mixlib-shellout (~> 2.0)
    chef-zero (5.1.0)
      ffi-yajl (~> 2.2)
      hashie (>= 2.0, < 4.0)
      mixlib-log (~> 1.3)
      rack (~> 2.0)
      uuidtools (~> 2.1)
    cheffish (4.0.0)
      chef-zero (~> 5.0)
      net-ssh
    chefstyle (0.4.0)
      rubocop (= 0.45.0)
    coderay (1.1.1)
    debug_inspector (0.0.2)
    diff-lcs (1.2.5)
    docile (1.1.5)
    erubis (2.7.0)
    ffi (1.9.14)
    ffi-yajl (2.3.0)
      libyajl2 (~> 1.2)
    fuzzyurl (0.9.0)
    hashie (3.4.6)
    highline (1.7.8)
    iniparse (1.4.2)
    ipaddress (0.8.3)
    json (1.8.3)
    libyajl2 (1.2.0)
    method_source (0.8.2)
    mini_portile2 (2.1.0)
    mixlib-archive (0.2.0)
      mixlib-log
    mixlib-authentication (1.4.1)
      mixlib-log
    mixlib-cli (1.7.0)
    mixlib-config (2.2.4)
    mixlib-log (1.7.1)
    mixlib-shellout (2.2.7)
    multi_json (1.12.1)
    net-scp (1.2.1)
      net-ssh (>= 2.6.5)
    net-sftp (2.1.2)
      net-ssh (>= 2.6.5)
    net-ssh (3.2.0)
    net-ssh-gateway (1.2.0)
      net-ssh (>= 2.6.5)
    net-ssh-multi (1.2.1)
      net-ssh (>= 2.6.5)
      net-ssh-gateway (>= 1.2.0)
    net-telnet (0.1.1)
    nokogiri (1.6.8.1)
      mini_portile2 (~> 2.1.0)
    ohai (8.22.0)
      chef-config (>= 12.5.0.alpha.1, < 13)
      ffi (~> 1.9)
      ffi-yajl (~> 2.2)
      ipaddress
      mixlib-cli
      mixlib-config (~> 2.0)
      mixlib-log (>= 1.7.1, < 2.0)
      mixlib-shellout (~> 2.0)
      plist (~> 3.1)
      systemu (~> 2.6.4)
      wmi-lite (~> 1.0)
    parser (2.3.3.1)
      ast (~> 2.2)
    plist (3.2.0)
    powerpack (0.1.1)
    proxifier (1.0.3)
    pry (0.10.4)
      coderay (~> 1.1.0)
      method_source (~> 0.8.1)
      slop (~> 3.4)
    pry-byebug (3.4.1)
      byebug (~> 9.0)
      pry (~> 0.10)
    pry-remote (0.1.8)
      pry (~> 0.9)
      slop (~> 3.0)
    pry-stack_explorer (0.4.9.2)
      binding_of_caller (>= 0.7)
      pry (>= 0.9.11)
    rack (2.0.1)
    rainbow (2.1.0)
    rake (11.3.0)
    rb-readline (0.5.3)
    rspec (3.5.0)
      rspec-core (~> 3.5.0)
      rspec-expectations (~> 3.5.0)
      rspec-mocks (~> 3.5.0)
    rspec-core (3.5.4)
      rspec-support (~> 3.5.0)
    rspec-expectations (3.5.0)
      diff-lcs (>= 1.2.0, < 2.0)
      rspec-support (~> 3.5.0)
    rspec-its (1.2.0)
      rspec-core (>= 3.0.0)
      rspec-expectations (>= 3.0.0)
    rspec-mocks (3.5.0)
      diff-lcs (>= 1.2.0, < 2.0)
      rspec-support (~> 3.5.0)
    rspec-support (3.5.0)
    rspec_junit_formatter (0.2.3)
      builder (< 4)
      rspec-core (>= 2, < 4, != 2.12.0)
    rubocop (0.45.0)
      parser (>= 2.3.1.1, < 3.0)
      powerpack (~> 0.1)
      rainbow (>= 1.99.1, < 3.0)
      ruby-progressbar (~> 1.7)
      unicode-display_width (~> 1.0, >= 1.0.1)
    ruby-prof (0.16.2)
    ruby-progressbar (1.8.1)
    ruby-shadow (2.5.0)
    serverspec (2.37.2)
      multi_json
      rspec (~> 3.0)
      rspec-its
      specinfra (~> 2.53)
    sfl (2.3)
    simplecov (0.12.0)
      docile (~> 1.1.0)
      json (>= 1.8, < 3)
      simplecov-html (~> 0.10.0)
    simplecov-html (0.10.0)
    slop (3.6.0)
    specinfra (2.66.0)
      net-scp
      net-ssh (>= 2.7, < 4.0)
      net-telnet
      sfl
    syslog-logger (1.6.8)
    systemu (2.6.5)
    unicode-display_width (1.1.1)
    uuidtools (2.1.5)
    wmi-lite (1.0.0)

PLATFORMS
  ruby

DEPENDENCIES
  addressable (= 2.4.0)
  appbundler (= 0.10.0)
  ast (= 2.3.0)
  binding_of_caller (= 0.7.2)
  builder (= 3.2.2)
  bundler (= 1.12.5)
  byebug (= 9.0.6)
  chef (= 12.17.44)
  chef-config (= 12.17.44)
  chef-zero (= 5.1.0)
  cheffish (= 4.0.0)
  chefstyle (= 0.4.0)
  coderay (= 1.1.1)
  debug_inspector (= 0.0.2)
  diff-lcs (= 1.2.5)
  docile (= 1.1.5)
  erubis (= 2.7.0)
  ffi (= 1.9.14)
  ffi-yajl (= 2.3.0)
  fuzzyurl (= 0.9.0)
  hashie (= 3.4.6)
  highline (= 1.7.8)
  iniparse (= 1.4.2)
  ipaddress (= 0.8.3)
  json (= 1.8.3)
  libyajl2 (= 1.2.0)
  method_source (= 0.8.2)
  mini_portile2 (= 2.1.0)
  mixlib-archive (= 0.2.0)
  mixlib-authentication (= 1.4.1)
  mixlib-cli (= 1.7.0)
  mixlib-config (= 2.2.4)
  mixlib-log (= 1.7.1)
  mixlib-shellout (= 2.2.7)
  multi_json (= 1.12.1)
  net-scp (= 1.2.1)
  net-sftp (= 2.1.2)
  net-ssh (= 3.2.0)
  net-ssh-gateway (= 1.2.0)
  net-ssh-multi (= 1.2.1)
  net-telnet (= 0.1.1)
  nokogiri (= 1.6.8.1)
  ohai (= 8.22.0)
  parser (= 2.3.3.1)
  plist (= 3.2.0)
  powerpack (= 0.1.1)
  proxifier (= 1.0.3)
  pry (= 0.10.4)
  pry-byebug (= 3.4.1)
  pry-remote (= 0.1.8)
  pry-stack_explorer (= 0.4.9.2)
  rack (= 2.0.1)
  rainbow (= 2.1.0)
  rake (= 11.3.0)
  rb-readline (= 0.5.3)
  rspec (= 3.5.0)
  rspec-core (= 3.5.4)
  rspec-expectations (= 3.5.0)
  rspec-its (= 1.2.0)
  rspec-mocks (= 3.5.0)
  rspec-support (= 3.5.0)
  rspec_junit_formatter (= 0.2.3)
  rubocop (= 0.45.0)
  ruby-prof (= 0.16.2)
  ruby-progressbar (= 1.8.1)
  ruby-shadow (= 2.5.0)
  serverspec (= 2.37.2)
  sfl (= 2.3)
  simplecov (= 0.12.0)
  simplecov-html (= 0.10.0)
  slop (= 3.6.0)
  specinfra (= 2.66.0)
  syslog-logger (= 1.6.8)
  systemu (= 2.6.5)
  unicode-display_width (= 1.1.1)
  uuidtools (= 2.1.5)
  wmi-lite (= 1.0.0)

BUNDLED WITH
   1.12.5
